GEM
  remote: https://rubygems.org/
  specs:
    dotenv (3.1.2)
    x (0.14.1)

PLATFORMS
  ruby
  x86_64-linux

DEPENDENCIES
  dotenv
  x (~> 0.14.1)

BUNDLED WITH
   2.5.4
